GEM
  remote: http://rubygems.org/
  specs:
    git (1.2.5)
    gmath3D (0.2.4)
    jeweler (1.6.4)
      bundler (~> 1.0)
      git (>= 1.2.5)
      rake
    mkrf (0.2.3)
    rake (0.9.2.2)
    rmagick (2.13.1)
    ruby-opengl (0.60.1)
      mkrf (>= 0.2.0)
      rake

PLATFORMS
  ruby

DEPENDENCIES
  bundler (~> 1.0.0)
  gmath3D
  jeweler (~> 1.6.4)
  rmagick
  ruby-opengl (= 0.60.1)
