GEM
  remote: http://rubygems.org/
  specs:
    git (1.2.5)
    gmath3D (0.2.0)
    jeweler (1.6.4)
      bundler (~> 1.0)
      git (>= 1.2.5)
      rake
    mkrf (0.2.3)
    qtbindings (4.6.3.4)
    rake (0.9.2)
    ruby-opengl (0.60.1)
      mkrf (>= 0.2.0)
      rake

PLATFORMS
  ruby

DEPENDENCIES
  bundler (~> 1.0.0)
  gmath3D
  jeweler (~> 1.6.4)
  qtbindings (= 4.6.3.4)
  ruby-opengl (= 0.60.1)
